PATH
  remote: .
  specs:
    bootstraps_bootstraps (2.0.2)

GEM
  remote: https://rubygems.org/
  specs:

PLATFORMS
  ruby

DEPENDENCIES
  bootstraps_bootstraps!
